GIT
  remote: git://github.com/edenspiekermann/compass-html5-boilerplate.git
  revision: e415a36afe3d5240a46d48d0c7529b92b54d09bf
  branch: padrino
  specs:
    html5-boilerplate (1.0.0)
      compass (>= 0.11.1)

GIT
  remote: https://github.com/nex3/sass.git
  revision: 8a93d8c65baabeb6f3251d560095ff83b52308bf
  ref: 8a93d8c65baabeb6f3251d560095ff83b52308bf
  specs:
    sass (3.2.0.alpha.0)

GEM
  remote: http://rubygems.org/
  specs:
    activesupport (3.2.5)
      i18n (~> 0.6)
      multi_json (~> 1.0)
    addressable (2.2.8)
    bourbon (2.1.0)
      sass (>= 3.1)
    builder (3.0.0)
    chunky_png (1.2.5)
    coffee-script (2.2.0)
      coffee-script-source
      execjs
    coffee-script-source (1.3.3)
    compass (0.12.1)
      chunky_png (~> 1.2)
      fssm (>= 0.2.7)
      sass (~> 3.1)
    excon (0.14.0)
    execjs (1.3.2)
      multi_json (~> 1.0)
    ffi (1.0.11)
    fssm (0.2.9)
    haml (3.1.6)
    heroku (2.26.6)
      heroku-api (~> 0.2.4)
      launchy (>= 0.3.2)
      netrc (~> 0.7.2)
      rest-client (~> 1.6.1)
      rubyzip
    heroku-api (0.2.4)
      excon (~> 0.14.0)
    heroku_san (3.0.2)
      activesupport
      heroku (>= 2)
      heroku-api (>= 0.1.2)
      rake
    hike (1.2.1)
    http_router (0.10.2)
      rack (>= 1.0.0)
      url_mount (~> 0.2.1)
    i18n (0.6.0)
    launchy (2.1.0)
      addressable (~> 2.2.6)
    listen (0.4.4)
      rb-fchange (~> 0.0.5)
      rb-fsevent (~> 0.9.1)
      rb-inotify (~> 0.8.8)
    maruku (0.6.0)
      syntax (>= 1.0.0)
    middleman (3.0.0.rc.1)
      middleman-core (= 3.0.0.rc.1)
      middleman-more (= 3.0.0.rc.1)
      middleman-sprockets (= 3.0.0.rc.1)
    middleman-blog (3.0.0.rc.1)
      maruku (~> 0.6.0)
      middleman-core (= 3.0.0.rc.1)
    middleman-core (3.0.0.rc.1)
      activesupport (~> 3.2.4)
      bundler (~> 1.1)
      listen (~> 0.4.2)
      rack (~> 1.4.0)
      rack-test (~> 0.6.1)
      thor (~> 0.14.3)
      tilt (~> 1.3.1)
    middleman-more (3.0.0.rc.1)
      coffee-script (~> 2.2.0)
      coffee-script-source (~> 1.3.3)
      compass (>= 0.12.1)
      execjs (~> 1.3.2)
      haml (>= 3.1.0)
      i18n (~> 0.6.0)
      maruku (~> 0.6.0)
      middleman-core (= 3.0.0.rc.1)
      padrino-helpers (~> 0.10.6)
      sass (>= 3.1.7)
      uglifier (~> 1.2.0)
    middleman-sprockets (3.0.0.rc.1)
      middleman-more (= 3.0.0.rc.1)
      sprockets (~> 2.1)
      sprockets-sass (~> 0.8.0)
    mime-types (1.18)
    multi_json (1.3.6)
    netrc (0.7.4)
    padrino-core (0.10.6)
      activesupport (~> 3.2.0)
      http_router (~> 0.10.2)
      sinatra (~> 1.3.1)
      thor (~> 0.14.3)
      tilt (~> 1.3.0)
    padrino-helpers (0.10.6)
      i18n (~> 0.6)
      padrino-core (= 0.10.6)
    rack (1.4.1)
    rack-contrib (1.1.0)
      rack (>= 0.9.1)
    rack-protection (1.2.0)
      rack
    rack-rewrite (1.2.1)
    rack-test (0.6.1)
      rack (>= 1.0)
    rake (0.9.2.2)
    rb-fchange (0.0.5)
      ffi
    rb-fsevent (0.9.1)
    rb-inotify (0.8.8)
      ffi (>= 0.5.0)
    rest-client (1.6.7)
      mime-types (>= 1.16)
    rubyzip (0.9.8)
    sinatra (1.3.2)
      rack (~> 1.3, >= 1.3.6)
      rack-protection (~> 1.2)
      tilt (~> 1.3, >= 1.3.3)
    sprockets (2.4.3)
      hike (~> 1.2)
      multi_json (~> 1.0)
      rack (~> 1.0)
      tilt (~> 1.1, != 1.3.0)
    sprockets-sass (0.8.0)
      sprockets (~> 2.0)
      tilt (~> 1.1)
    syntax (1.0.0)
    thor (0.14.6)
    tilt (1.3.3)
    uglifier (1.2.4)
      execjs (>= 0.3.0)
      multi_json (>= 1.0.2)
    url_mount (0.2.1)
      rack

PLATFORMS
  ruby

DEPENDENCIES
  bourbon
  builder
  coffee-script
  heroku (= 2.26.6)
  heroku_san (= 3.0.2)
  html5-boilerplate!
  middleman (~> 3.0.0.rc1)
  middleman-blog (~> 3.0.0.rc1)
  rack-contrib
  rack-rewrite
  rake (~> 0.9.2)
  sass!
